GEM
  remote: https://rubygems.org/
  specs:
    json (1.8.3)
    mime-types (1.25.1)
    rest-client (1.6.9)
      mime-types (~> 1.16)

PLATFORMS
  ruby

DEPENDENCIES
  json (~> 1.8.3)
  rest-client (~> 1.6.1)

BUNDLED WITH
   1.10.6
